GEM
  remote: https://rubygems.org/
  specs:
    hashie (3.6.0)
    mini_portile2 (2.4.0)
    nokogiri (1.10.4)
      mini_portile2 (~> 2.4.0)

PLATFORMS
  ruby

DEPENDENCIES
  hashie
  nokogiri

BUNDLED WITH
   1.17.2
